GEM
  remote: https://rubygems.org/
  specs:
    dotenv (3.1.4)
    faraday (2.12.0)
      faraday-net_http (>= 2.0, < 3.4)
      json
      logger
    faraday-net_http (3.3.0)
      net-http
    json (2.7.2)
    logger (1.6.1)
    multi_json (1.15.0)
    net-http (0.4.1)
      uri
    opensearch-ruby (3.4.0)
      faraday (>= 1.0, < 3)
      multi_json (>= 1.0)
    pg (1.5.8)
    uri (0.13.1)

PLATFORMS
  arm64-darwin-23
  ruby

DEPENDENCIES
  dotenv
  opensearch-ruby
  pg

BUNDLED WITH
   2.5.14
